GEM
  remote: https://rubygems.org/
  specs:
    rubyzip (2.3.2)

PLATFORMS
  x86_64-darwin-19

DEPENDENCIES
  rubyzip

BUNDLED WITH
   2.2.24
